GEM
  remote: https://rubygems.org/
  specs:
    highline (1.6.21)
    net-ssh (2.9.1)
    net-ssh-session (0.1.6)
      net-ssh (~> 2.6)
    open4 (1.3.4)

PLATFORMS
  ruby

DEPENDENCIES
  highline
  net-ssh-session
  open4
